{
	"Modality":"MR",
	"MagneticFieldStrength":3,
	"ImagingFrequency":123.259,
	"Manufacturer":"Siemens",
	"ManufacturersModelName":"Skyra_fit",
	"DeviceSerialNumber":"170051",
	"BodyPartExamined":"BRAIN",
	"PatientPosition":"HFS",
	"ProcedureStepDescription":"MRI_Head",
	"SoftwareVersions":"syngo_MR_E11",
	"MRAcquisitionType":"3D",
	"SeriesDescription":"t1_mprage_sag_p3_iso_Munich_0-8mm",
	"ProtocolName":"t1_mprage_sag_p3_iso_Munich_0-8mm",
	"ScanningSequence":"GR_IR",
	"SequenceVariant":"SK_SP_MP",
	"ScanOptions":"IR_PFP_WE",
	"SequenceName":"_tfl3d1_16ns",
	"ImageType":["ORIGINAL","PRIMARY","M","ND","NORM"],
	"SeriesNumber":5,
	"AcquisitionTime":"09:51:27.470000",
	"AcquisitionNumber":1,
	"SliceThickness":0.8,
	"SAR":0.0476948,
	"EchoTime":0.00449,
	"RepetitionTime":2.62,
	"InversionTime":1.32,
	"FlipAngle":7,
	"PartialFourier":0.875,
	"BaseResolution":288,
	"ShimSetting":[1237,11567,3698,1004,565,433,-194,247],
	"TxRefAmp":288.579,
	"PhaseResolution":1,
	"ReceiveCoilName":"Spine_32",
	"ReceiveCoilActiveElements":"HEA;HEP;SP1",
	"PulseSequenceDetails":"%SiemensSeq%_tfl",
	"RefLinesPE":24,
	"ConsistencyInfo":"N4_VE11C_LATEST_20160120",
	"PercentPhaseFOV":105.556,
	"PhaseEncodingSteps":265,
	"AcquisitionMatrixPE":304,
	"ReconMatrixPE":304,
	"PixelBandwidth":140,
	"DwellTime":1.24E-5,
	"ImageOrientationPatientDICOM":[-0.0693885,0.975226,0.210045,0.0721745,0.214908,-0.973964],
	"InPlanePhaseEncodingDirectionDICOM":"ROW",
	"ConversionSoftware":"dcm2niix",
	"ConversionSoftwareVersion":"v1.0.20190410  (JP2:OpenJPEG) (JP-LS:CharLS) MSC1900",
	"DefaceMethod":"spm_deface"
}