{
	"Modality":"MR",
	"MagneticFieldStrength":3,
	"ImagingFrequency":123.259,
	"Manufacturer":"Siemens",
	"ManufacturersModelName":"Skyra_fit",
	"DeviceSerialNumber":"170051",
	"BodyPartExamined":"BRAIN",
	"PatientPosition":"HFS",
	"ProcedureStepDescription":"MRI_Head",
	"SoftwareVersions":"syngo_MR_E11",
	"MRAcquisitionType":"3D",
	"SeriesDescription":"t1_mprage_sag_p3_iso_Munich_0-8mm",
	"ProtocolName":"t1_mprage_sag_p3_iso_Munich_0-8mm",
	"ScanningSequence":"GR_IR",
	"SequenceVariant":"SK_SP_MP",
	"ScanOptions":"IR_PFP_WE",
	"SequenceName":"_tfl3d1_16ns",
	"ImageType":["ORIGINAL","PRIMARY","M","ND","NORM"],
	"SeriesNumber":5,
	"AcquisitionTime":"11:54:19.490000",
	"AcquisitionNumber":1,
	"SliceThickness":0.8,
	"SAR":0.0374485,
	"EchoTime":0.00449,
	"RepetitionTime":2.62,
	"InversionTime":1.32,
	"FlipAngle":7,
	"PartialFourier":0.875,
	"BaseResolution":288,
	"ShimSetting":[1248,11635,3768,573,509,367,-109,28],
	"TxRefAmp":307.342,
	"PhaseResolution":1,
	"ReceiveCoilName":"Spine_32",
	"ReceiveCoilActiveElements":"HEA;HEP;SP1",
	"PulseSequenceDetails":"%SiemensSeq%_tfl",
	"RefLinesPE":24,
	"ConsistencyInfo":"N4_VE11C_LATEST_20160120",
	"PercentPhaseFOV":105.556,
	"PhaseEncodingSteps":265,
	"AcquisitionMatrixPE":304,
	"ReconMatrixPE":304,
	"PixelBandwidth":140,
	"DwellTime":1.24E-5,
	"ImageOrientationPatientDICOM":[0.0178552,0.999828,0.00504909,0.0697526,0.00379196,-0.997557],
	"InPlanePhaseEncodingDirectionDICOM":"ROW",
	"ConversionSoftware":"dcm2niix",
	"ConversionSoftwareVersion":"v1.0.20190410  (JP2:OpenJPEG) (JP-LS:CharLS) MSC1900",
	"DefaceMethod":"spm_deface"
}