{
	"Modality":"MR",
	"MagneticFieldStrength":3,
	"ImagingFrequency":123.248,
	"Manufacturer":"Siemens",
	"ManufacturersModelName":"Skyra_fit",
	"DeviceSerialNumber":"170051",
	"BodyPartExamined":"BRAIN",
	"PatientPosition":"HFS",
	"ProcedureStepDescription":"MRI_Head",
	"SoftwareVersions":"syngo_MR_E11",
	"MRAcquisitionType":"2D",
	"SeriesDescription":"fMRI_PSN_TR_p3_s2_3mm",
	"ProtocolName":"fMRI_PSN_TR_p3_s2_3mm",
	"ScanningSequence":"EP",
	"SequenceVariant":"SK_SP",
	"ScanOptions":"FS",
	"SequenceName":"epfid2d3_80",
	"ImageType":["ORIGINAL","PRIMARY","M","MB","TE2","ND","NORM","MOSAIC"],
	"SeriesNumber":11,
	"AcquisitionTime":"15:39:36.922500",
	"AcquisitionNumber":1,
	"ImageComments":"Unaliased_MB2_PE2",
	"SliceThickness":3,
	"SpacingBetweenSlices":3,
	"SAR":0.118027,
	"EchoNumber":2,
	"EchoTime":0.03126,
	"RepetitionTime":1.7,
	"FlipAngle":73,
	"PartialFourier":1,
	"BaseResolution":80,
	"ShimSetting":[1363,10895,3784,713,-275,579,24,133],
	"TxRefAmp":293.753,
	"PhaseResolution":1,
	"ReceiveCoilName":"Head_32",
	"ReceiveCoilActiveElements":"HEA;HEP",
	"PulseSequenceDetails":"%CustomerSeq%_cmrr_mbep2d_bold",
	"WipMemBlock":"5079a77e-a4db-4e65-b08a-2c16fa27fd50||Sequence: R016 ve11c/master r/e634e98; Dec 19 2017 11:00:25 by eja",
	"RefLinesPE":36,
	"ConsistencyInfo":"N4_VE11C_LATEST_20160120",
	"MultibandAccelerationFactor":2,
	"PercentPhaseFOV":100,
	"EchoTrainLength":27,
	"PhaseEncodingSteps":80,
	"AcquisitionMatrixPE":80,
	"ReconMatrixPE":80,
	"BandwidthPerPixelPhaseEncode":69.444,
	"ParallelReductionFactorInPlane":3,
	"EffectiveEchoSpacing":0.000180001,
	"DerivedVendorReportedEchoSpacing":0.000540003,
	"TotalReadoutTime":0.0142201,
	"PixelBandwidth":2315,
	"DwellTime":2.7E-6,
	"PhaseEncodingDirection":"j",
	"SliceTiming":[0,0.875,0.0725,0.9475,0.145,1.0225,0.2175,1.095,0.29,1.1675,0.365,1.24,0.4375,1.3125,0.51,1.3875,0.5825,1.46,0.655,1.5325,0.73,1.605,0.8025,0,0.875,0.0725,0.9475,0.145,1.0225,0.2175,1.095,0.29,1.1675,0.365,1.24,0.4375,1.3125,0.51,1.3875,0.5825,1.46,0.655,1.5325,0.73,1.605,0.8025],
	"ImageOrientationPatientDICOM":[0.998332,0.00598658,0.0574186,4.93678E-9,0.994609,-0.1037],
	"InPlanePhaseEncodingDirectionDICOM":"COL",
	"ConversionSoftware":"dcm2niix",
	"ConversionSoftwareVersion":"v1.0.20190410  (JP2:OpenJPEG) (JP-LS:CharLS) MSC1900",
	"TaskName":"semantic"
}