{
	"Modality": "MR",
	"MagneticFieldStrength": 3,
	"ImagingFrequency": 123.248,
	"Manufacturer": "Siemens",
	"ManufacturersModelName": "Skyra_fit",
	"DeviceSerialNumber": "170051",
	"BodyPartExamined": "BRAIN",
	"PatientPosition": "HFS",
	"ProcedureStepDescription": "MRI_Head",
	"SoftwareVersions": "syngo_MR_E11",
	"MRAcquisitionType": "2D",
	"SeriesDescription": "gre_field_mapping_3mm",
	"ProtocolName": "gre_field_mapping_3mm",
	"ScanningSequence": "GR",
	"SequenceVariant": "SP",
	"SequenceName": "_fm2d2r",
	"ImageType": ["ORIGINAL", "PRIMARY", "M", "ND"],
	"SeriesNumber": 8,
	"AcquisitionTime": "16:40:10.747500",
	"AcquisitionNumber": 1,
	"SliceThickness": 3,
	"SpacingBetweenSlices": 3,
	"SAR": 0.133342,
	"EchoNumber": 2,
	"EchoTime": 0.00738,
	"RepetitionTime": 0.6,
	"FlipAngle": 60,
	"PartialFourier": 1,
	"BaseResolution": 80,
	"ShimSetting": [
		1354,
		10807,
		3769,
		825,
		-203,
		63,
		102,
		-7	],
	"TxRefAmp": 302.911,
	"PhaseResolution": 1,
	"ReceiveCoilName": "Head_32",
	"ReceiveCoilActiveElements": "HEA;HEP",
	"PulseSequenceDetails": "%SiemensSeq%_gre_field_mapping",
	"ConsistencyInfo": "N4_VE11C_LATEST_20160120",
	"PercentPhaseFOV": 100,
	"PhaseEncodingSteps": 80,
	"AcquisitionMatrixPE": 80,
	"ReconMatrixPE": 80,
	"PixelBandwidth": 600,
	"DwellTime": 1.04e-05,
	"PhaseEncodingDirection": "i",
	"ImageOrientationPatientDICOM": [
		0.996428,
		-0.0839061,
		-0.0095755,
		0.0836724,
		0.996236,
		-0.0226464	],
	"InPlanePhaseEncodingDirectionDICOM": "ROW",
	"ConversionSoftware": "dcm2niix",
	"ConversionSoftwareVersion": "v1.0.20190410  (JP2:OpenJPEG) (JP-LS:CharLS) MSC1900"
}
