{
	"Modality":"MR",
	"MagneticFieldStrength":3,
	"ImagingFrequency":123.259,
	"Manufacturer":"Siemens",
	"ManufacturersModelName":"Skyra_fit",
	"DeviceSerialNumber":"170051",
	"BodyPartExamined":"BRAIN",
	"PatientPosition":"HFS",
	"ProcedureStepDescription":"MRI_Head",
	"SoftwareVersions":"syngo_MR_E11",
	"MRAcquisitionType":"2D",
	"SeriesDescription":"fMRI_PSN_TR_p3_s2_3mm",
	"ProtocolName":"fMRI_PSN_TR_p3_s2_3mm",
	"ScanningSequence":"EP",
	"SequenceVariant":"SK_SP",
	"ScanOptions":"FS",
	"SequenceName":"epfid2d3_80",
	"ImageType":["ORIGINAL","PRIMARY","M","MB","TE2","ND","NORM","MOSAIC"],
	"SeriesNumber":10,
	"AcquisitionTime":"10:22:51.280000",
	"AcquisitionNumber":1,
	"ImageComments":"Unaliased_MB2_PE2",
	"SliceThickness":3,
	"SpacingBetweenSlices":3,
	"SAR":0.133618,
	"EchoNumber":2,
	"EchoTime":0.03126,
	"RepetitionTime":1.7,
	"FlipAngle":73,
	"PartialFourier":1,
	"BaseResolution":80,
	"ShimSetting":[1255,11602,3793,1258,746,776,-281,341],
	"TxRefAmp":288.579,
	"PhaseResolution":1,
	"ReceiveCoilName":"Spine_32",
	"ReceiveCoilActiveElements":"HEA;HEP;SP1",
	"PulseSequenceDetails":"%CustomerSeq%_cmrr_mbep2d_bold",
	"WipMemBlock":"31efb994-0543-4d09-b047-60401c2d2489||Sequence: R016 ve11c/master r/e634e98; Dec 19 2017 11:00:25 by eja",
	"RefLinesPE":36,
	"ConsistencyInfo":"N4_VE11C_LATEST_20160120",
	"MultibandAccelerationFactor":2,
	"PercentPhaseFOV":100,
	"EchoTrainLength":27,
	"PhaseEncodingSteps":80,
	"AcquisitionMatrixPE":80,
	"ReconMatrixPE":80,
	"BandwidthPerPixelPhaseEncode":69.444,
	"ParallelReductionFactorInPlane":3,
	"EffectiveEchoSpacing":0.000180001,
	"DerivedVendorReportedEchoSpacing":0.000540003,
	"TotalReadoutTime":0.0142201,
	"PixelBandwidth":2315,
	"DwellTime":2.7E-6,
	"PhaseEncodingDirection":"j",
	"SliceTiming":[0,0.875,0.0725,0.95,0.145,1.0225,0.22,1.095,0.2925,1.1675,0.365,1.2425,0.4375,1.315,0.51,1.3875,0.585,1.46,0.6575,1.5325,0.73,1.6075,0.8025,0,0.875,0.0725,0.95,0.145,1.0225,0.22,1.095,0.2925,1.1675,0.365,1.2425,0.4375,1.315,0.51,1.3875,0.585,1.46,0.6575,1.5325,0.73,1.6075,0.8025],
	"ImageOrientationPatientDICOM":[0.997264,0.0024092,0.0738783,3.24871E-8,0.999469,-0.0325935],
	"InPlanePhaseEncodingDirectionDICOM":"COL",
	"ConversionSoftware":"dcm2niix",
	"ConversionSoftwareVersion":"v1.0.20190410  (JP2:OpenJPEG) (JP-LS:CharLS) MSC1900",
	"TaskName":"semantic"
}