{
	"Modality":"MR",
	"MagneticFieldStrength":3,
	"ImagingFrequency":123.259,
	"Manufacturer":"Siemens",
	"ManufacturersModelName":"Skyra_fit",
	"DeviceSerialNumber":"170051",
	"BodyPartExamined":"BRAIN",
	"PatientPosition":"HFS",
	"ProcedureStepDescription":"MRI_Head",
	"SoftwareVersions":"syngo_MR_E11",
	"MRAcquisitionType":"2D",
	"SeriesDescription":"fMRI_PSN_TR_p3_s2_3mm",
	"ProtocolName":"fMRI_PSN_TR_p3_s2_3mm",
	"ScanningSequence":"EP",
	"SequenceVariant":"SK_SP",
	"ScanOptions":"FS",
	"SequenceName":"epfid2d3_80",
	"ImageType":["ORIGINAL","PRIMARY","M","MB","TE3","ND","NORM","MOSAIC"],
	"SeriesNumber":6,
	"AcquisitionTime":"13:23:25.802500",
	"AcquisitionNumber":1,
	"ImageComments":"Unaliased_MB2_PE2",
	"SliceThickness":3,
	"SpacingBetweenSlices":3,
	"SAR":0.124035,
	"EchoNumber":3,
	"EchoTime":0.04952,
	"RepetitionTime":1.7,
	"FlipAngle":73,
	"PartialFourier":1,
	"BaseResolution":80,
	"ShimSetting":[1171,11568,3711,929,392,361,13,347],
	"TxRefAmp":299.008,
	"PhaseResolution":1,
	"ReceiveCoilName":"Spine_32",
	"ReceiveCoilActiveElements":"HEA;HEP;SP1",
	"PulseSequenceDetails":"%CustomerSeq%_cmrr_mbep2d_bold",
	"WipMemBlock":"761acd3b-4a4a-4fff-8914-4d26e1da7763||Sequence: R016 ve11c/master r/e634e98; Dec 19 2017 11:00:25 by eja",
	"RefLinesPE":36,
	"ConsistencyInfo":"N4_VE11C_LATEST_20160120",
	"MultibandAccelerationFactor":2,
	"PercentPhaseFOV":100,
	"EchoTrainLength":27,
	"PhaseEncodingSteps":80,
	"AcquisitionMatrixPE":80,
	"ReconMatrixPE":80,
	"BandwidthPerPixelPhaseEncode":69.444,
	"ParallelReductionFactorInPlane":3,
	"EffectiveEchoSpacing":0.000180001,
	"DerivedVendorReportedEchoSpacing":0.000540003,
	"TotalReadoutTime":0.0142201,
	"PixelBandwidth":2315,
	"DwellTime":2.7E-6,
	"PhaseEncodingDirection":"j",
	"SliceTiming":[0,0.875,0.0725,0.9475,0.145,1.0225,0.2175,1.095,0.29,1.1675,0.365,1.24,0.4375,1.3125,0.51,1.3875,0.5825,1.46,0.655,1.5325,0.73,1.605,0.8025,0,0.875,0.0725,0.9475,0.145,1.0225,0.2175,1.095,0.29,1.1675,0.365,1.24,0.4375,1.3125,0.51,1.3875,0.5825,1.46,0.655,1.5325,0.73,1.605,0.8025],
	"ImageOrientationPatientDICOM":[0.998833,-0.0467243,0.0122081,0.0471038,0.998348,-0.0329077],
	"InPlanePhaseEncodingDirectionDICOM":"COL",
	"ConversionSoftware":"dcm2niix",
	"ConversionSoftwareVersion":"v1.0.20190410  (JP2:OpenJPEG) (JP-LS:CharLS) MSC1900",
	"TaskName":"semantic"
}