{
  "Modality": "MR",
  "MagneticFieldStrength": 3,
  "ImagingFrequency": 123.259,
  "Manufacturer": "Siemens",
  "ManufacturersModelName": "Skyra_fit",
  "DeviceSerialNumber": "170051",
  "BodyPartExamined": "BRAIN",
  "PatientPosition": "HFS",
  "ProcedureStepDescription": "MRI_Head",
  "SoftwareVersions": "syngo_MR_E11",
  "MRAcquisitionType": "2D",
  "SeriesDescription": "gre_field_mapping_3mm",
  "ProtocolName": "gre_field_mapping_3mm",
  "ScanningSequence": "GR",
  "SequenceVariant": "SP",
  "SequenceName": "_fm2d2r",
  "ImageType": [
    "ORIGINAL",
    "PRIMARY",
    "P",
    "ND"
  ],
  "SeriesNumber": 9,
  "AcquisitionTime": "10:20:33.757500",
  "AcquisitionNumber": 1,
  "SliceThickness": 3,
  "SpacingBetweenSlices": 3,
  "SAR": 0.131782,
  "EchoNumber": 2,
  "EchoTime": 0.00738,
  "RepetitionTime": 0.6,
  "FlipAngle": 60,
  "PartialFourier": 1,
  "BaseResolution": 80,
  "ShimSetting": [
    1255,
    11602,
    3793,
    1258,
    746,
    776,
    -281,
    341
  ],
  "TxRefAmp": 288.579,
  "PhaseResolution": 1,
  "ReceiveCoilName": "Spine_32",
  "ReceiveCoilActiveElements": "HEA;HEP;SP1",
  "PulseSequenceDetails": "%SiemensSeq%_gre_field_mapping",
  "ConsistencyInfo": "N4_VE11C_LATEST_20160120",
  "PercentPhaseFOV": 100,
  "PhaseEncodingSteps": 80,
  "AcquisitionMatrixPE": 80,
  "ReconMatrixPE": 80,
  "PixelBandwidth": 600,
  "DwellTime": 1.04E-5,
  "PhaseEncodingDirection": "i",
  "ImageOrientationPatientDICOM": [
    0.997264,
    0.00240923,
    0.0738783,
    -1.25641E-10,
    0.999469,
    -0.0325935
  ],
  "InPlanePhaseEncodingDirectionDICOM": "ROW",
  "ConversionSoftware": "dcm2niix",
  "ConversionSoftwareVersion": "v1.0.20190410  (JP2:OpenJPEG) (JP-LS:CharLS) MSC1900",
  "EchoTime1": 0.00492,
  "EchoTime2": 0.00738,
  "IntendedFor": [
    "bids::sub-23\\sub-23_task-semantic_encoding_run-1_echo-1_bold.nii",
    "bids::sub-23\\sub-23_task-semantic_encoding_run-1_echo-2_bold.nii",
    "bids::sub-23\\sub-23_task-semantic_encoding_run-1_echo-3_bold.nii",
    "bids::sub-23\\sub-23_task-semantic_encoding_run-2_echo-1_bold.nii",
    "bids::sub-23\\sub-23_task-semantic_encoding_run-2_echo-2_bold.nii",
    "bids::sub-23\\sub-23_task-semantic_encoding_run-2_echo-3_bold.nii",
    "bids::sub-23\\sub-23_task-semantic_encoding_run-3_echo-1_bold.nii",
    "bids::sub-23\\sub-23_task-semantic_encoding_run-3_echo-2_bold.nii",
    "bids::sub-23\\sub-23_task-semantic_encoding_run-3_echo-3_bold.nii",
    "bids::sub-23\\sub-23_task-semantic_encoding_run-4_echo-1_bold.nii",
    "bids::sub-23\\sub-23_task-semantic_encoding_run-4_echo-2_bold.nii",
    "bids::sub-23\\sub-23_task-semantic_encoding_run-4_echo-3_bold.nii"
  ]
}