{
	"Modality":"MR",
	"MagneticFieldStrength":3,
	"ImagingFrequency":123.248,
	"Manufacturer":"Siemens",
	"ManufacturersModelName":"Skyra_fit",
	"DeviceSerialNumber":"170051",
	"BodyPartExamined":"BRAIN",
	"PatientPosition":"HFS",
	"ProcedureStepDescription":"MRI_Head",
	"SoftwareVersions":"syngo_MR_E11",
	"MRAcquisitionType":"2D",
	"SeriesDescription":"t2_blade_tra_p2_v2b",
	"ProtocolName":"t2_blade_tra_p2_v2b",
	"ScanningSequence":"SE",
	"SequenceVariant":"SK_SP",
	"SequenceName":"_tseBR2d1rr28",
	"ImageType":["ORIGINAL","PRIMARY","M","ND","NORM"],
	"SeriesNumber":12,
	"AcquisitionTime":"17:05:5.392500",
	"AcquisitionNumber":1,
	"SliceThickness":3,
	"SpacingBetweenSlices":3,
	"SAR":0.599854,
	"EchoTime":0.12,
	"RepetitionTime":6.2,
	"FlipAngle":90,
	"PartialFourier":1,
	"BaseResolution":384,
	"ShimSetting":[1353,10836,3417,190,-224,-23,236,-26],
	"TxRefAmp":302.911,
	"PhaseResolution":0.125,
	"ReceiveCoilName":"Head_32",
	"ReceiveCoilActiveElements":"HEA;HEP",
	"PulseSequenceDetails":"%SiemensSeq%_tse",
	"RefLinesPE":8,
	"ConsistencyInfo":"N4_VE11C_LATEST_20160120",
	"PercentPhaseFOV":100,
	"EchoTrainLength":28,
	"PhaseEncodingSteps":384,
	"AcquisitionMatrixPE":384,
	"ReconMatrixPE":384,
	"ParallelReductionFactorInPlane":2,
	"PixelBandwidth":360,
	"DwellTime":3.6E-6,
	"PhaseEncodingDirection":"j-",
	"ImageOrientationPatientDICOM":[0.996428,-0.0839061,-0.0095755,0.0836724,0.996236,-0.0226464],
	"InPlanePhaseEncodingDirectionDICOM":"COL",
	"ConversionSoftware":"dcm2niix",
	"ConversionSoftwareVersion":"v1.0.20190410  (JP2:OpenJPEG) (JP-LS:CharLS) MSC1900",
	"DefaceMethod":"spm_deface"
}