{
	"Modality":"MR",
	"MagneticFieldStrength":3,
	"ImagingFrequency":123.248,
	"Manufacturer":"Siemens",
	"ManufacturersModelName":"Skyra_fit",
	"DeviceSerialNumber":"170051",
	"BodyPartExamined":"BRAIN",
	"PatientPosition":"HFS",
	"ProcedureStepDescription":"MRI_Head",
	"SoftwareVersions":"syngo_MR_E11",
	"MRAcquisitionType":"2D",
	"SeriesDescription":"fMRI_PSN_TR_p3_s2_3mm",
	"ProtocolName":"fMRI_PSN_TR_p3_s2_3mm",
	"ScanningSequence":"EP",
	"SequenceVariant":"SK_SP",
	"ScanOptions":"FS",
	"SequenceName":"epfid2d3_80",
	"ImageType":["ORIGINAL","PRIMARY","M","MB","TE1","ND","NORM","MOSAIC"],
	"SeriesNumber":11,
	"AcquisitionTime":"12:00:0.505000",
	"AcquisitionNumber":1,
	"ImageComments":"Unaliased_MB2_PE2",
	"SliceThickness":3,
	"SpacingBetweenSlices":3,
	"SAR":0.116007,
	"EchoNumber":1,
	"EchoTime":0.013,
	"RepetitionTime":1.7,
	"FlipAngle":73,
	"PartialFourier":1,
	"BaseResolution":80,
	"ShimSetting":[1325,10689,3907,952,-198,188,-27,70],
	"TxRefAmp":306.06,
	"PhaseResolution":1,
	"ReceiveCoilName":"Head_32",
	"ReceiveCoilActiveElements":"HEA;HEP",
	"PulseSequenceDetails":"%CustomerSeq%_cmrr_mbep2d_bold",
	"WipMemBlock":"4e14abec-903a-4a94-8a91-ec3f7ff4cae9||Sequence: R016 ve11c/master r/e634e98; Dec 19 2017 11:00:25 by eja",
	"RefLinesPE":36,
	"ConsistencyInfo":"N4_VE11C_LATEST_20160120",
	"MultibandAccelerationFactor":2,
	"PercentPhaseFOV":100,
	"EchoTrainLength":27,
	"PhaseEncodingSteps":80,
	"AcquisitionMatrixPE":80,
	"ReconMatrixPE":80,
	"BandwidthPerPixelPhaseEncode":69.444,
	"ParallelReductionFactorInPlane":3,
	"EffectiveEchoSpacing":0.000180001,
	"DerivedVendorReportedEchoSpacing":0.000540003,
	"TotalReadoutTime":0.0142201,
	"PixelBandwidth":2315,
	"DwellTime":2.7E-6,
	"PhaseEncodingDirection":"j",
	"SliceTiming":[0,0.8775,0.075,0.95,0.1475,1.0225,0.22,1.0975,0.2925,1.17,0.365,1.2425,0.44,1.315,0.5125,1.39,0.585,1.4625,0.6575,1.535,0.7325,1.6075,0.805,0,0.8775,0.075,0.95,0.1475,1.0225,0.22,1.0975,0.2925,1.17,0.365,1.2425,0.44,1.315,0.5125,1.39,0.585,1.4625,0.6575,1.535,0.7325,1.6075,0.805],
	"ImageOrientationPatientDICOM":[0.99904,0.00242813,-0.0437312,-2.9962E-8,0.998462,0.055438],
	"InPlanePhaseEncodingDirectionDICOM":"COL",
	"ConversionSoftware":"dcm2niix",
	"ConversionSoftwareVersion":"v1.0.20190410  (JP2:OpenJPEG) (JP-LS:CharLS) MSC1900",
	"TaskName":"semantic"
}